GEM
  remote: https://rubygems.org/
  specs:
    base64 (0.2.0)
    google_maps_service (0.4.2)
      hurley (~> 0.1)
      multi_json (~> 1.11)
      retriable (~> 2.0)
    hurley (0.2)
    multi_json (1.15.0)
    mustermann (3.0.2)
      ruby2_keywords (~> 0.0.1)
    nio4r (2.7.3)
    puma (6.4.2)
      nio4r (~> 2.0)
    rack (3.1.7)
    rack-protection (4.0.0)
      base64 (>= 0.1.0)
      rack (>= 3.0.0, < 4)
    rack-session (2.0.0)
      rack (>= 3.0.0)
    rackup (2.1.0)
      rack (>= 3)
      webrick (~> 1.8)
    retriable (2.1.0)
    ruby2_keywords (0.0.5)
    sinatra (4.0.0)
      mustermann (~> 3.0)
      rack (>= 3.0.0, < 4)
      rack-protection (= 4.0.0)
      rack-session (>= 2.0.0, < 3)
      tilt (~> 2.0)
    sinatra-cors (1.2.0)
    sqlite3 (2.0.4-arm64-darwin)
    sqlite3 (2.0.4-x86_64-darwin)
    tilt (2.4.0)
    webrick (1.8.1)

PLATFORMS
  arm64-darwin
  x86_64-darwin

DEPENDENCIES
  google_maps_service
  puma (~> 6.0)
  rackup
  sinatra
  sinatra-cors
  sqlite3

BUNDLED WITH
   2.5.16
